GEM
  remote: http://rubygems.org/
  specs:
    RedCloth (4.2.7)
    asdf (0.5.0)
      rack (~> 1.2.1)
    compass (0.10.6)
      haml (>= 3.0.4)
    cri (1.0.1)
    daemons (1.1.2)
    eventmachine (0.12.10)
    haml (3.0.25)
    mime-types (1.16)
    nanoc (3.1.6)
      nanoc3 (>= 3.1.6)
    nanoc3 (3.1.6)
      cri (>= 1.0.0)
    rack (1.2.2)
    rake (0.8.7)
    rdiscount (1.6.8)
    thin (1.2.11)
      daemons (>= 1.0.9)
      eventmachine (>= 0.12.6)
      rack (>= 1.0.0)

PLATFORMS
  ruby

DEPENDENCIES
  RedCloth
  asdf
  compass
  haml
  mime-types
  nanoc
  nanoc3
  rake
  rdiscount
  thin
